GEM
  remote: https://rubygems.org/
  specs:
    em-websocket (0.5.1)
      eventmachine (>= 0.12.9)
      http_parser.rb (~> 0.6.0)
    eventmachine (1.0.7)
    http_parser.rb (0.6.0)
    multi_json (1.11.0)

PLATFORMS
  ruby

DEPENDENCIES
  em-websocket
  multi_json
